GEM
  remote: http://rubygems.org/
  specs:
    concurrent-ruby (1.3.5)
    execjs (1.4.0)
      multi_json (~> 1.0)
    jasmine (3.99.0)
      jasmine-core (= 3.99.0)
      phantomjs
      rack (>= 2.1.4)
      rake
      webrick
    jasmine-core (3.99.0)
    json (1.7.4)
    multi_json (1.6.1)
    phantomjs (2.1.1.0)
    rack (2.2.11)
    rake (0.9.2.2)
    sprockets (4.2.1)
      concurrent-ruby (~> 1.0)
      rack (>= 2.2.4, < 4)
    thor (0.14.6)
    uglifier (1.2.7)
      execjs (>= 0.3.0)
      multi_json (~> 1.3)
    webrick (1.9.1)

PLATFORMS
  ruby
  x86-mingw32

DEPENDENCIES
  jasmine
  json
  rake
  sprockets
  thor
  uglifier
